GEM
  remote: https://rubygems.org/
  specs:
    poke-api-v2 (0.1.1)

PLATFORMS
  x64-mingw32

DEPENDENCIES
  poke-api-v2

BUNDLED WITH
   2.2.15
