GEM
  remote: https://rubygems.org/
  specs:
    json (2.5.1)
    net-http (0.1.1)
      net-protocol
      uri
    net-protocol (0.1.0)
    poke-api-v2 (0.1.1)
    uri (0.10.1)

PLATFORMS
  x64-mingw32

DEPENDENCIES
  json (~> 2.5, >= 2.5.1)
  net-http (~> 0.1.1)
  poke-api-v2

BUNDLED WITH
   2.2.15
